PATH
  remote: .
  specs:
    nubank_sdk (0.4.1)
      faraday (~> 0.15.0)
      json (~> 2.1.0)

GEM
  remote: https://rubygems.org/
  specs:
    diff-lcs (1.5.0)
    faraday (0.15.4)
      multipart-post (>= 1.2, < 3)
    json (2.1.0)
    multipart-post (2.2.3)
    rake (10.5.0)
    rspec (3.11.0)
      rspec-core (~> 3.11.0)
      rspec-expectations (~> 3.11.0)
      rspec-mocks (~> 3.11.0)
    rspec-core (3.11.0)
      rspec-support (~> 3.11.0)
    rspec-expectations (3.11.1)
      diff-lcs (>= 1.2.0, < 2.0)
      rspec-support (~> 3.11.0)
    rspec-mocks (3.11.1)
      diff-lcs (>= 1.2.0, < 2.0)
      rspec-support (~> 3.11.0)
    rspec-support (3.11.1)

PLATFORMS
  ruby

DEPENDENCIES
  bundler (~> 1.17)
  nubank_sdk!
  rake (~> 10.0)
  rspec (~> 3.0)

BUNDLED WITH
   1.17.3
